GEM
  remote: http://rubygems.org/
  specs:
    celluloid (0.11.0)
    minitest (3.0.1)
    rake (0.9.2.2)

PLATFORMS
  java
  ruby

DEPENDENCIES
  celluloid
  minitest
  rake
