GEM
  remote: http://rubygems.org/
  specs:
    celluloid (0.11.0)
    minitest (3.0.1)

PLATFORMS
  java

DEPENDENCIES
  celluloid
  minitest
